GEM
  remote: https://rubygems.org/
  specs:
    foreman (0.82.0)
      thor (~> 0.19.1)
    mini_portile2 (2.1.0)
    nokogiri (1.6.8)
      mini_portile2 (~> 2.1.0)
      pkg-config (~> 1.1.7)
    pkg-config (1.1.7)
    rack (1.6.4)
    rack-protection (1.5.3)
      rack
    sinatra (1.4.7)
      rack (~> 1.5)
      rack-protection (~> 1.4)
      tilt (>= 1.3, < 3)
    thor (0.19.1)
    tilt (2.0.5)
    unicode (0.4.4.2)

PLATFORMS
  ruby

DEPENDENCIES
  foreman
  nokogiri
  sinatra
  unicode

BUNDLED WITH
   1.11.2
