GEM
  remote: https://rubygems.org/
  specs:
    foreman (0.85.0)
      thor (~> 0.19.1)
    mini_portile2 (2.4.0)
    mustermann (2.0.2)
      ruby2_keywords (~> 0.0.1)
    nokogiri (1.10.4)
      mini_portile2 (~> 2.4.0)
    rack (2.2.4)
    rack-protection (2.2.3)
      rack
    ruby2_keywords (0.0.5)
    sinatra (2.2.3)
      mustermann (~> 2.0)
      rack (~> 2.2)
      rack-protection (= 2.2.3)
      tilt (~> 2.0)
    thor (0.19.4)
    tilt (2.0.11)
    unicode (0.4.4.4)

PLATFORMS
  ruby

DEPENDENCIES
  foreman
  nokogiri
  sinatra
  unicode

RUBY VERSION
   ruby 2.3.0p0

BUNDLED WITH
   1.16.1
