GEM
  remote: https://rubygems.org/
  specs:
    foreman (0.84.0)
      thor (~> 0.19.1)
    mini_portile2 (2.3.0)
    mustermann (1.0.2)
    nokogiri (1.8.2)
      mini_portile2 (~> 2.3.0)
    rack (2.0.4)
    rack-protection (2.0.1)
      rack
    sinatra (2.0.1)
      mustermann (~> 1.0)
      rack (~> 2.0)
      rack-protection (= 2.0.1)
      tilt (~> 2.0)
    thor (0.19.4)
    tilt (2.0.8)
    unicode (0.4.4.4)

PLATFORMS
  ruby

DEPENDENCIES
  foreman
  nokogiri
  sinatra
  unicode

RUBY VERSION
   ruby 2.3.0p0

BUNDLED WITH
   1.15.3
