GEM
  remote: https://rubygems.org/
  specs:
    foreman (0.85.0)
      thor (~> 0.19.1)
    mini_portile2 (2.4.0)
    mustermann (1.0.3)
    nokogiri (1.10.4)
      mini_portile2 (~> 2.4.0)
    rack (2.0.6)
    rack-protection (2.0.5)
      rack
    sinatra (2.0.5)
      mustermann (~> 1.0)
      rack (~> 2.0)
      rack-protection (= 2.0.5)
      tilt (~> 2.0)
    thor (0.19.4)
    tilt (2.0.9)
    unicode (0.4.4.4)

PLATFORMS
  ruby

DEPENDENCIES
  foreman
  nokogiri
  sinatra
  unicode

RUBY VERSION
   ruby 2.3.0p0

BUNDLED WITH
   1.16.1
